GIT
  remote: git@github.com:gocardless/prius.git
  revision: 76e239c47af14300bd917016c1f5fdabb43b9274
  tag: v0.2.0
  specs:
    prius (0.2.0)

GEM
  remote: https://rubygems.org/
  specs:
    netrc (0.7.9)
    rack (1.5.2)
    rack-protection (1.5.1)
      rack
    rest_client (1.8.2)
      netrc (~> 0.7.7)
    sinatra (1.4.4)
      rack (~> 1.4)
      rack-protection (~> 1.4)
      tilt (~> 1.3, >= 1.3.4)
    tilt (1.4.1)

PLATFORMS
  ruby

DEPENDENCIES
  prius!
  rest_client
  sinatra
