GEM
  remote: https://rubygems.org/
  specs:
    coderay (1.1.0)
    faraday (0.9.1)
      multipart-post (>= 1.2, < 3)
    gocardless_pro (1.0.2)
      faraday (>= 0.8.9, < 0.10)
    i18n (0.7.0)
    method_source (0.8.2)
    multipart-post (2.0.0)
    prius (0.2.0)
    pry (0.10.1)
      coderay (~> 1.1.0)
      method_source (~> 0.8.1)
      slop (~> 3.4)
    rack (1.6.8)
    rack-contrib (1.2.0)
      rack (>= 0.9.1)
    rack-protection (1.5.1)
      rack
    shotgun (0.9.2)
      rack (>= 1.0)
    sinatra (1.4.4)
      rack (~> 1.4)
      rack-protection (~> 1.4)
      tilt (~> 1.3, >= 1.3.4)
    slop (3.6.0)
    tilt (1.4.1)

PLATFORMS
  ruby

DEPENDENCIES
  gocardless_pro (= 1.0.2)
  i18n
  prius (~> 0.2)
  pry
  rack-contrib
  shotgun
  sinatra

BUNDLED WITH
   1.10.6
