GEM
  remote: https://rubygems.org/
  specs:
    netrc (0.7.9)
    prius (0.2.0)
    rack (1.5.2)
    rack-protection (1.5.1)
      rack
    rest_client (1.8.2)
      netrc (~> 0.7.7)
    sinatra (1.4.4)
      rack (~> 1.4)
      rack-protection (~> 1.4)
      tilt (~> 1.3, >= 1.3.4)
    tilt (1.4.1)

PLATFORMS
  ruby

DEPENDENCIES
  prius (~> 0.2)
  rest_client
  sinatra
