GIT
  remote: https://2e7e936deecf7af15f95d8090b8b5c90704b0da6:x-oauth-basic@github.com/gocardless/pro-client-ruby
  revision: 7ef5e1fc299a193c7fe89eac8fa30199c8b8cfc1
  specs:
    gocardless (2.0.0)
      activesupport (~> 4.1)
      faraday (>= 0.8.9)

GEM
  remote: https://rubygems.org/
  specs:
    activesupport (4.2.1)
      i18n (~> 0.7)
      json (~> 1.7, >= 1.7.7)
      minitest (~> 5.1)
      thread_safe (~> 0.3, >= 0.3.4)
      tzinfo (~> 1.1)
    faraday (0.9.1)
      multipart-post (>= 1.2, < 3)
    i18n (0.7.0)
    json (1.8.2)
    minitest (5.6.0)
    multipart-post (2.0.0)
    prius (0.2.0)
    rack (1.5.2)
    rack-contrib (1.2.0)
      rack (>= 0.9.1)
    rack-protection (1.5.1)
      rack
    shotgun (0.9.1)
      rack (>= 1.0)
    sinatra (1.4.4)
      rack (~> 1.4)
      rack-protection (~> 1.4)
      tilt (~> 1.3, >= 1.3.4)
    thread_safe (0.3.5)
    tilt (1.4.1)
    tzinfo (1.2.2)
      thread_safe (~> 0.1)

PLATFORMS
  ruby

DEPENDENCIES
  gocardless!
  i18n
  prius (~> 0.2)
  rack-contrib
  shotgun
  sinatra
