GEM
  remote: https://rubygems.org/
  specs:
    activesupport (4.2.1)
      i18n (~> 0.7)
      json (~> 1.7, >= 1.7.7)
      minitest (~> 5.1)
      thread_safe (~> 0.3, >= 0.3.4)
      tzinfo (~> 1.1)
    faraday (0.8.9)
      multipart-post (~> 1.2.0)
    gocardless-pro (0.1.0)
      activesupport (~> 4.1)
      faraday (~> 0.8.9)
    i18n (0.7.0)
    json (1.8.2)
    minitest (5.6.0)
    multipart-post (1.2.0)
    prius (0.2.0)
    rack (1.5.2)
    rack-contrib (1.2.0)
      rack (>= 0.9.1)
    rack-protection (1.5.1)
      rack
    shotgun (0.9.1)
      rack (>= 1.0)
    sinatra (1.4.4)
      rack (~> 1.4)
      rack-protection (~> 1.4)
      tilt (~> 1.3, >= 1.3.4)
    thread_safe (0.3.5)
    tilt (1.4.1)
    tzinfo (1.2.2)
      thread_safe (~> 0.1)

PLATFORMS
  ruby

DEPENDENCIES
  gocardless-pro (~> 0.1.0)
  i18n
  prius (~> 0.2)
  rack-contrib
  shotgun
  sinatra
